PATH
  remote: .
  specs:
    mrapper (0.0.1)
      bson_ext
      bzip2-ruby
      rake
      yajl-ruby

GEM
  remote: http://rubygems.org/
  specs:
    activesupport (3.1.3)
      multi_json (~> 1.0)
    bson_ext (1.3.1)
    bzip2-ruby (0.2.7)
    diff-lcs (1.1.3)
    factory_girl (2.3.2)
      activesupport
    multi_json (1.0.3)
    rake (0.9.2.2)
    rspec (2.7.0)
      rspec-core (~> 2.7.0)
      rspec-expectations (~> 2.7.0)
      rspec-mocks (~> 2.7.0)
    rspec-core (2.7.1)
    rspec-expectations (2.7.0)
      diff-lcs (~> 1.1.2)
    rspec-mocks (2.7.0)
    shoulda (2.11.3)
    simplecov (0.5.4)
      multi_json (~> 1.0.3)
      simplecov-html (~> 0.5.3)
    simplecov-html (0.5.3)
    spork (0.8.5)
    spork-testunit (0.0.6)
      spork (>= 0.6.0)
    yajl-ruby (1.0.0)

PLATFORMS
  ruby

DEPENDENCIES
  factory_girl
  mrapper!
  rspec
  shoulda
  simplecov
  spork
  spork-testunit
